GIT
  remote: git@github.com:conjurdemos/conjur-demo-sinatra.git
  revision: d518ae57c3bce6b6ac424b688184fa7afe953861
  branch: master
  specs:
    conjur-demo-sinatra (2.0.0)
      conjur-cli
      rack-test
      rspec
      sinatra

GIT
  remote: git@github.com:conjurinc/api-ruby.git
  revision: a9287b1caf0190d642c3e01906e5335d7fd32d8d
  branch: master
  specs:
    conjur-api (4.7.0)
      activesupport
      rest-client

GIT
  remote: git@github.com:conjurinc/cli-ruby.git
  revision: 7175fd79127856a86a7bfb275b747663285daf9f
  branch: master
  specs:
    conjur-cli (4.7.0)
      cas_rest_client
      conjur-api (>= 4.0)
      deep_merge
      gli (>= 2.8.0)
      highline
      methadone
      netrc

GEM
  remote: https://rubygems.org/
  specs:
    activesupport (4.0.3)
      i18n (~> 0.6, >= 0.6.4)
      minitest (~> 4.2)
      multi_json (~> 1.3)
      thread_safe (~> 0.1)
      tzinfo (~> 0.3.37)
    atomic (1.1.15)
    builder (3.2.2)
    cas_rest_client (1.3)
      rest-client (>= 1.4.2)
    cucumber (1.3.10)
      builder (>= 2.1.2)
      diff-lcs (>= 1.1.3)
      gherkin (~> 2.12)
      multi_json (>= 1.7.5, < 2.0)
      multi_test (>= 0.0.2)
    deep_merge (1.0.1)
    diff-lcs (1.2.5)
    gherkin (2.12.2)
      multi_json (~> 1.3)
    gli (2.9.0)
    highline (1.6.21)
    i18n (0.6.9)
    methadone (1.3.2)
      bundler
    mime-types (2.1)
    minitest (4.7.5)
    multi_json (1.9.0)
    multi_test (0.0.2)
    netrc (0.7.7)
    rack (1.5.2)
    rack-protection (1.5.2)
      rack
    rack-test (0.6.2)
      rack (>= 1.0)
    rest-client (1.6.7)
      mime-types (>= 1.16)
    rspec (2.14.1)
      rspec-core (~> 2.14.0)
      rspec-expectations (~> 2.14.0)
      rspec-mocks (~> 2.14.0)
    rspec-core (2.14.8)
    rspec-expectations (2.14.5)
      diff-lcs (>= 1.1.3, < 2.0)
    rspec-mocks (2.14.6)
    sinatra (1.4.4)
      rack (~> 1.4)
      rack-protection (~> 1.4)
      tilt (~> 1.3, >= 1.3.4)
    thread_safe (0.2.0)
      atomic (>= 1.1.7, < 2)
    tilt (1.4.1)
    tzinfo (0.3.38)

PLATFORMS
  ruby

DEPENDENCIES
  conjur-api!
  conjur-cli!
  conjur-demo-sinatra (>= 1.1.0)!
  cucumber
