GIT
  remote: git@github.com:conjurdemos/conjur-demo-sinatra.git
  revision: d4a1bf7c256291f781bee7b969ca61861222ad4c
  branch: master
  specs:
    conjur-demo-sinatra (1.1.0)
      conjur-cli
      cucumber
      cucumber-sinatra
      rack-test
      rspec
      sinatra

GIT
  remote: git@github.com:conjurinc/api-ruby.git
  revision: 57918b68061b69c35d4e8ad023fd15ff5c493818
  branch: master
  specs:
    conjur-api (4.3.0)
      activesupport
      rest-client

GIT
  remote: git@github.com:conjurinc/cli-ruby.git
  revision: dbf509780eeb73d1409a27ba920d26d6332f3392
  branch: master
  specs:
    conjur-cli (4.4.0)
      cas_rest_client
      conjur-api (>= 4.0)
      deep_merge
      gli
      highline
      methadone
      netrc

GEM
  remote: https://rubygems.org/
  specs:
    activesupport (4.0.2)
      i18n (~> 0.6, >= 0.6.4)
      minitest (~> 4.2)
      multi_json (~> 1.3)
      thread_safe (~> 0.1)
      tzinfo (~> 0.3.37)
    atomic (1.1.14)
    builder (3.2.2)
    cas_rest_client (1.3)
      rest-client (>= 1.4.2)
    cucumber (1.3.10)
      builder (>= 2.1.2)
      diff-lcs (>= 1.1.3)
      gherkin (~> 2.12)
      multi_json (>= 1.7.5, < 2.0)
      multi_test (>= 0.0.2)
    cucumber-sinatra (0.5.0)
      templater (>= 1.0.0)
    deep_merge (1.0.0)
    diff-lcs (1.2.5)
    extlib (0.9.16)
    gherkin (2.12.2)
      multi_json (~> 1.3)
    gli (2.8.1)
    highline (1.6.20)
    i18n (0.6.9)
    methadone (1.3.1)
      bundler
    mime-types (2.0)
    minitest (4.7.5)
    multi_json (1.8.2)
    multi_test (0.0.2)
    netrc (0.7.7)
    rack (1.5.2)
    rack-protection (1.5.1)
      rack
    rack-test (0.6.2)
      rack (>= 1.0)
    rest-client (1.6.7)
      mime-types (>= 1.16)
    rspec (2.14.1)
      rspec-core (~> 2.14.0)
      rspec-expectations (~> 2.14.0)
      rspec-mocks (~> 2.14.0)
    rspec-core (2.14.7)
    rspec-expectations (2.14.4)
      diff-lcs (>= 1.1.3, < 2.0)
    rspec-mocks (2.14.4)
    sinatra (1.4.4)
      rack (~> 1.4)
      rack-protection (~> 1.4)
      tilt (~> 1.3, >= 1.3.4)
    templater (1.0.0)
      diff-lcs (>= 1.1.2)
      extlib (>= 0.9.5)
      highline (>= 1.4.0)
    thread_safe (0.1.3)
      atomic
    tilt (1.4.1)
    tzinfo (0.3.38)

PLATFORMS
  ruby

DEPENDENCIES
  conjur-api!
  conjur-cli!
  conjur-demo-sinatra (>= 1.1.0)!
